GEM
  remote: https://rubygems.org/
  specs:
    coderay (1.1.3)
    dotenv (2.7.6)
    jwt (2.3.0)
    method_source (1.0.0)
    notifications-ruby-client (5.3.0)
      jwt (>= 1.5, < 3)
    pry (0.14.1)
      coderay (~> 1.1)
      method_source (~> 1.0)

PLATFORMS
  x86_64-linux

DEPENDENCIES
  dotenv
  notifications-ruby-client
  pry

BUNDLED WITH
   2.2.33
